GEM
  remote: https://rubygems.org/
  specs:
    coderay (1.1.1)
    foreman (0.84.0)
      thor (~> 0.19.1)
    method_source (0.8.2)
    mimemagic (0.3.2)
    moneta (1.0.0)
    pry (0.10.4)
      coderay (~> 1.1.0)
      method_source (~> 0.8.1)
      slop (~> 3.4)
    rack (2.0.1)
    slop (3.6.0)
    thor (0.19.4)

PLATFORMS
  ruby

DEPENDENCIES
  foreman
  mimemagic
  moneta
  pry
  rack

RUBY VERSION
   ruby 2.4.1p111

BUNDLED WITH
   1.14.6
